GEM
  remote: http://rubygems.org/
  specs:
    activesupport (3.0.9)
    builder (3.0.0)
    git (1.2.5)
    hoptoad_notifier (2.4.11)
      activesupport
      builder
    jeweler (1.6.2)
      bundler (~> 1.0)
      git (>= 1.2.5)
      rake
    rake (0.9.2)
    rcov (0.9.9)
    shoulda (2.11.3)

PLATFORMS
  ruby

DEPENDENCIES
  bundler (~> 1.0.0)
  hoptoad_notifier
  jeweler (~> 1.6.2)
  rcov
  shoulda
